GEM
  remote: https://rubygems.org/
  specs:
    image_size (2.0.2)
    rake (12.3.3)
    review (3.2.0)
      image_size
      rouge
      rubyzip
    rouge (3.9.0)
    rubyzip (1.2.3)

PLATFORMS
  ruby

DEPENDENCIES
  rake
  review (= 3.2.0)

BUNDLED WITH
   2.0.2
